PATH
  remote: .
  specs:
    ya_finance (0.0.3)

GEM
  remote: https://rubygems.org/
  specs:
    addressable (2.8.5)
      public_suffix (>= 2.0.2, < 6.0)
    ansi (1.5.0)
    ast (2.4.2)
    crack (0.4.5)
      rexml
    excon (0.100.0)
    hashdiff (1.0.1)
    oga (3.4)
      ast
      ruby-ll (~> 2.1)
    public_suffix (5.0.3)
    rexml (3.2.6)
    ruby-ll (2.1.3)
      ansi
      ast
    vcr (6.2.0)
    webmock (3.18.1)
      addressable (>= 2.8.0)
      crack (>= 0.3.2)
      hashdiff (>= 0.4.0, < 2.0.0)

PLATFORMS
  arm64-darwin-21

DEPENDENCIES
  excon
  oga (~> 3.4)
  vcr
  webmock
  ya_finance!

BUNDLED WITH
   2.4.1
